GEM
  remote: https://rubygems.org/
  specs:
    minitest (5.14.0)
    rake (12.3.2)

PLATFORMS
  ruby

DEPENDENCIES
  minitest (~> 5.11, >= 5.11.3)
  rake (~> 12.3, >= 12.3.2)

BUNDLED WITH
   1.17.3
